PATH
  remote: .
  specs:
    jass-esbuild (0.3.0)
      nodo (>= 1.5.0)

GEM
  remote: https://rubygems.org/
  specs:
    byebug (11.1.3)
    concurrent-ruby (1.1.9)
    minitest (5.14.4)
    nodo (1.6.1)
    rack (2.2.3)
    rake (13.0.6)
    sprockets (4.0.2)
      concurrent-ruby (~> 1.0)
      rack (> 1, < 3)

PLATFORMS
  ruby

DEPENDENCIES
  bundler
  byebug
  jass-esbuild!
  minitest
  rake
  sprockets

BUNDLED WITH
   1.17.2
